PATH
  remote: .
  specs:
    manuable_fedex (0.1.0)
      httparty
      nokogiri

GEM
  remote: https://rubygems.org/
  specs:
    ast (2.4.2)
    httparty (0.21.0)
      mini_mime (>= 1.0.0)
      multi_xml (>= 0.5.2)
    mini_mime (1.1.2)
    multi_xml (0.6.0)
    nokogiri (1.14.3-x86_64-darwin)
      racc (~> 1.4)
    parallel (1.23.0)
    parser (3.2.2.0)
      ast (~> 2.4.1)
    racc (1.6.2)
    rainbow (3.1.1)
    rake (13.0.6)
    regexp_parser (2.8.0)
    rexml (3.2.5)
    rubocop (0.93.1)
      parallel (~> 1.10)
      parser (>= 2.7.1.5)
      rainbow (>= 2.2.2, < 4.0)
      regexp_parser (>= 1.8)
      rexml
      rubocop-ast (>= 0.6.0)
      ruby-progressbar (~> 1.7)
      unicode-display_width (>= 1.4.0, < 2.0)
    rubocop-ast (1.28.0)
      parser (>= 3.2.1.0)
    ruby-progressbar (1.13.0)
    unicode-display_width (1.8.0)

PLATFORMS
  x86_64-darwin-22

DEPENDENCIES
  manuable_fedex!
  rake (~> 13.0)
  rubocop (~> 0.80)

BUNDLED WITH
   2.2.3
